GEM
  remote: http://rubygems.org/
  specs:
    ZenTest (4.9.4)
    activesupport (3.0.20)
    autotest (4.4.6)
      ZenTest (>= 4.4.1)
    crack (0.1.8)
    diff-lcs (1.2.4)
    fakeweb (1.3.0)
    git (1.2.6)
    hashie (0.1.8)
    httparty (0.6.1)
      crack (= 0.1.8)
    i18n (0.6.5)
    jeweler (1.8.4)
      bundler (~> 1.0)
      git (>= 1.2.5)
      rake
      rdoc
    json (1.8.0)
    mocha (0.9.12)
    oj (2.1.4)
    rake (10.1.0)
    rdoc (4.0.1)
      json (~> 1.4)
    rspec (2.0.1)
      rspec-core (~> 2.0.1)
      rspec-expectations (~> 2.0.1)
      rspec-mocks (~> 2.0.1)
    rspec-core (2.0.1)
    rspec-expectations (2.0.1)
      diff-lcs (>= 1.1.2)
    rspec-mocks (2.0.1)
      rspec-core (~> 2.0.1)
      rspec-expectations (~> 2.0.1)

PLATFORMS
  ruby

DEPENDENCIES
  activesupport (~> 3.0.0)
  autotest
  fakeweb (>= 1.3.0)
  hashie (~> 0.1.8)
  httparty (~> 0.6.1)
  i18n
  jeweler
  mocha (~> 0.9.8)
  oj (~> 2.0)
  rake
  rspec (~> 2.0.0.beta.22)
